GEM
  remote: http://rubygems.org/
  specs:
    addressable (2.5.2)
      public_suffix (>= 2.0.2, < 4.0)
    faraday (0.15.4)
      multipart-post (>= 1.2, < 3)
    jwt (2.1.0)
    metaclass (0.0.4)
    mocha (1.8.0)
      metaclass (~> 0.0.1)
    multipart-post (2.0.0)
    mustermann (1.0.3)
    octokit (4.13.0)
      sawyer (~> 0.8.0, >= 0.5.3)
    power_assert (1.1.3)
    public_suffix (3.0.3)
    rack (2.0.6)
    rack-protection (2.0.5)
      rack
    rack-test (1.1.0)
      rack (>= 1.0, < 3)
    rake (12.3.2)
    rugged (0.27.7)
    sawyer (0.8.1)
      addressable (>= 2.3.5, < 2.6)
      faraday (~> 0.8, < 1.0)
    sinatra (2.0.5)
      mustermann (~> 1.0)
      rack (~> 2.0)
      rack-protection (= 2.0.5)
      tilt (~> 2.0)
    test-unit (3.3.0)
      power_assert
    tilt (2.0.9)

PLATFORMS
  ruby

DEPENDENCIES
  jwt (~> 2.1)
  mocha (~> 1.0)
  octokit (~> 4.0)
  rack-test (~> 1.0)
  rake (~> 12.3)
  rugged (~> 0.0)
  sinatra (~> 2.0)
  test-unit (~> 3.2)

BUNDLED WITH
   2.0.1
