PATH
  remote: .
  specs:
    github_snap_builder (0.1.0)
      docker-api (~> 1.34)
      jwt (~> 2.1)
      octokit (~> 4.0)
      rugged (~> 0.0)
      sinatra (~> 2.0)

GEM
  remote: https://rubygems.org/
  specs:
    addressable (2.6.0)
      public_suffix (>= 2.0.2, < 4.0)
    docker-api (1.34.2)
      excon (>= 0.47.0)
      multi_json
    excon (0.64.0)
    faraday (0.15.4)
      multipart-post (>= 1.2, < 3)
    jwt (2.1.0)
    metaclass (0.0.4)
    mocha (1.8.0)
      metaclass (~> 0.0.1)
    multi_json (1.13.1)
    multipart-post (2.0.0)
    mustermann (1.0.3)
    octokit (4.14.0)
      sawyer (~> 0.8.0, >= 0.5.3)
    power_assert (1.1.4)
    public_suffix (3.0.3)
    rack (2.0.7)
    rack-protection (2.0.5)
      rack
    rack-test (1.1.0)
      rack (>= 1.0, < 3)
    rake (12.3.2)
    rugged (0.28.1)
    sawyer (0.8.2)
      addressable (>= 2.3.5)
      faraday (> 0.8, < 2.0)
    sinatra (2.0.5)
      mustermann (~> 1.0)
      rack (~> 2.0)
      rack-protection (= 2.0.5)
      tilt (~> 2.0)
    test-unit (3.3.2)
      power_assert
    tilt (2.0.9)

PLATFORMS
  ruby

DEPENDENCIES
  bundler (~> 2.0)
  github_snap_builder!
  mocha (~> 1.0)
  rack-test (~> 1.0)
  rake (~> 12.3)
  test-unit (~> 3.2)

BUNDLED WITH
   2.0.1
